GEM
  remote: https://rubygems.org/
  specs:
    webrick (1.3.1)

PLATFORMS
  ruby

DEPENDENCIES
  webrick (~> 1.3, >= 1.3.1)

BUNDLED WITH
   1.12.5
