GEM
  remote: https://rubygems.org/
  specs:
    arp_scan (0.1.0)
    ast (2.3.0)
    parser (2.3.1.4)
      ast (~> 2.2)
    ruby-lint (2.3.0)
      parser (~> 2.2)
      slop (~> 3.4, >= 3.4.7)
    slop (3.6.0)

PLATFORMS
  ruby

DEPENDENCIES
  arp_scan
  ruby-lint

BUNDLED WITH
   1.12.5
